GEM
  remote: https://rubygems.org/
  specs:
    ffi (1.9.10)
    libnotify (0.9.1)
      ffi (>= 1.0.11)
    mini_portile2 (2.0.0)
    nokogiri (1.6.7.2)
      mini_portile2 (~> 2.0.0.rc2)

PLATFORMS
  ruby

DEPENDENCIES
  libnotify
  nokogiri

BUNDLED WITH
   1.11.2
